GEM
  remote: https://rubygems.org/
  specs:
    dotenv (2.1.1)
    line-bot-api (0.1.6)
      rack (>= 1.6)
    rack (1.6.4)
    rack-protection (1.5.3)
      rack
    sinatra (1.4.7)
      rack (~> 1.5)
      rack-protection (~> 1.4)
      tilt (>= 1.3, < 3)
    tilt (2.0.4)

PLATFORMS
  ruby

DEPENDENCIES
  dotenv
  line-bot-api
  sinatra (~> 1.4.4)

BUNDLED WITH
   1.11.2
